GEM
  remote: https://rubygems.org/
  specs:
    git (1.2.9.1)
    json (1.8.2)
    rack (1.6.0)
    rack-protection (1.5.3)
      rack
    redcarpet (3.2.2)
    sinatra (1.4.5)
      rack (~> 1.4)
      rack-protection (~> 1.4)
      tilt (~> 1.3, >= 1.3.4)
    tilt (1.4.1)

PLATFORMS
  ruby

DEPENDENCIES
  git
  json
  rack
  redcarpet
  sinatra
